GEM
  remote: https://rubygems.org/
  specs:
    bloomfilter-rb (2.1.1)
      redis
    docile (1.1.5)
    json (1.8.3)
    rake (10.5.0)
    redis (3.2.2)
    simplecov (0.11.1)
      docile (~> 1.1.0)
      json (~> 1.8)
      simplecov-html (~> 0.10.0)
    simplecov-html (0.10.0)
    stemmer (1.0.1)
    whatlanguage (1.0.6)

PLATFORMS
  ruby

DEPENDENCIES
  bloomfilter-rb
  rake
  simplecov
  stemmer
  whatlanguage

BUNDLED WITH
   1.11.2
